PATH
  remote: .
  specs:
    razin (1.0.0)
      nesty (~> 1.0)

GEM
  remote: https://rubygems.org/
  specs:
    nesty (1.0.2)
    rake (10.1.0)

PLATFORMS
  ruby

DEPENDENCIES
  bundler (~> 1.3)
  rake
  razin!
